NUGET
  remote: https://nuget.org/api/v2
  specs:
    Argu (1.1.3)
    FAKE (4.12.2)
    FsCheck (2.2.4)
      FSharp.Core (>= 3.1.2.5)
    FSharp.Compiler.Service (1.4.2.3)
    FSharp.Core (4.0.0.1)
    FSharp.Formatting (2.13.0)
      FSharp.Compiler.Service (>= 1.4.2 < 1.5.0)
      FSharpVSPowerTools.Core (>= 2.2.0 < 2.3.0)
    FSharpVSPowerTools.Core (2.2.0)
      FSharp.Compiler.Service (>= 1.4.2.0)
    Microsoft.Bcl (1.1.10)
      Microsoft.Bcl.Build (>= 1.0.14)
    Microsoft.Bcl.Build (1.0.21) - import_targets: false
    Microsoft.Net.Http (2.2.29)
      Microsoft.Bcl (>= 1.1.10)
      Microsoft.Bcl.Build (>= 1.0.14)
    NUnit (2.6.4)
    NUnit.Runners (2.6.4)
    Octokit (0.17.0)
      Microsoft.Net.Http
    SourceLink.Fake (1.1.0)
GITHUB
  remote: fsharp/FAKE
  specs:
    modules/Octokit/Octokit.fsx (25f012022dcefdf72f4dd342d08075161512d76a)
      Octokit